GEM
  remote: https://rubygems.org/
  specs:
    actioncable (6.0.3)
      actionpack (= 6.0.3)
      nio4r (~> 2.0)
      websocket-driver (>= 0.6.1)
    actionmailbox (6.0.3)
      actionpack (= 6.0.3)
      activejob (= 6.0.3)
      activerecord (= 6.0.3)
      activestorage (= 6.0.3)
      activesupport (= 6.0.3)
      mail (>= 2.7.1)
    actionmailer (6.0.3)
      actionpack (= 6.0.3)
      actionview (= 6.0.3)
      activejob (= 6.0.3)
      mail (~> 2.5, >= 2.5.4)
      rails-dom-testing (~> 2.0)
    actionpack (6.0.3)
      actionview (= 6.0.3)
      activesupport (= 6.0.3)
      rack (~> 2.0, >= 2.0.8)
      rack-test (>= 0.6.3)
      rails-dom-testing (~> 2.0)
      rails-html-sanitizer (~> 1.0, >= 1.2.0)
    actiontext (6.0.3)
      actionpack (= 6.0.3)
      activerecord (= 6.0.3)
      activestorage (= 6.0.3)
      activesupport (= 6.0.3)
      nokogiri (>= 1.8.5)
    actionview (6.0.3)
      activesupport (= 6.0.3)
      builder (~> 3.1)
      erubi (~> 1.4)
      rails-dom-testing (~> 2.0)
      rails-html-sanitizer (~> 1.1, >= 1.2.0)
    activejob (6.0.3)
      activesupport (= 6.0.3)
      globalid (>= 0.3.6)
    activemodel (6.0.3)
      activesupport (= 6.0.3)
    activerecord (6.0.3)
      activemodel (= 6.0.3)
      activesupport (= 6.0.3)
    activestorage (6.0.3)
      actionpack (= 6.0.3)
      activejob (= 6.0.3)
      activerecord (= 6.0.3)
      marcel (~> 0.3.1)
    activestorage-validator (0.1.3)
      rails (>= 5.2.0)
    activesupport (6.0.3)
      concurrent-ruby (~> 1.0, >= 1.0.2)
      i18n (>= 0.7, < 2)
      minitest (~> 5.1)
      tzinfo (~> 1.1)
      zeitwerk (~> 2.2, >= 2.2.2)
    addressable (2.7.0)
      public_suffix (>= 2.0.2, < 5.0)
    ast (2.4.0)
    auto_strip_attributes (2.6.0)
      activerecord (>= 4.0)
    autoprefixer-rails (9.7.6)
      execjs
    awesome_print (1.8.0)
    axiom-types (0.1.1)
      descendants_tracker (~> 0.0.4)
      ice_nine (~> 0.11.0)
      thread_safe (~> 0.3, >= 0.3.1)
    bindex (0.8.1)
    bootsnap (1.4.6)
      msgpack (~> 1.0)
    bootstrap (4.4.1)
      autoprefixer-rails (>= 9.1.0)
      popper_js (>= 1.14.3, < 2)
      sassc-rails (>= 2.0.0)
    bootstrap-datepicker-rails (1.9.0.1)
      railties (>= 3.0)
    brakeman (4.8.1)
    builder (3.2.4)
    bullet (6.1.0)
      activesupport (>= 3.0.0)
      uniform_notifier (~> 1.11)
    byebug (11.1.3)
    capybara (3.32.1)
      addressable
      mini_mime (>= 0.1.3)
      nokogiri (~> 1.8)
      rack (>= 1.6.0)
      rack-test (>= 0.6.3)
      regexp_parser (~> 1.5)
      xpath (~> 3.2)
    chartkick (3.3.1)
    childprocess (3.0.0)
    choice (0.2.0)
    codeclimate-engine-rb (0.4.1)
      virtus (~> 1.0)
    coercible (1.0.0)
      descendants_tracker (~> 0.0.1)
    coffee-rails (5.0.0)
      coffee-script (>= 2.2.0)
      railties (>= 5.2.0)
    coffee-script (2.4.1)
      coffee-script-source
      execjs
    coffee-script-source (1.12.2)
    concurrent-ruby (1.1.6)
    coverband (4.2.5)
      redis
    crass (1.0.6)
    database_consistency (0.8.0)
      activerecord (>= 3.2)
    descendants_tracker (0.0.4)
      thread_safe (~> 0.3, >= 0.3.1)
    docile (1.3.2)
    equalizer (0.0.11)
    erubi (1.9.0)
    erubis (2.7.0)
    execjs (2.7.0)
    ffi (1.12.2)
    flay (2.12.1)
      erubis (~> 2.7.0)
      path_expander (~> 1.0)
      ruby_parser (~> 3.0)
      sexp_processor (~> 4.0)
    flog (4.6.4)
      path_expander (~> 1.0)
      ruby_parser (~> 3.1, > 3.1.0)
      sexp_processor (~> 4.8)
    friendly_id (5.3.0)
      activerecord (>= 4.0.0)
    globalid (0.4.2)
      activesupport (>= 4.2.0)
    haml (5.1.2)
      temple (>= 0.8.0)
      tilt
    haml-rails (2.0.1)
      actionpack (>= 5.1)
      activesupport (>= 5.1)
      haml (>= 4.0.6, < 6.0)
      html2haml (>= 1.0.1)
      railties (>= 5.1)
    highline (2.0.3)
    html2haml (2.2.0)
      erubis (~> 2.7.0)
      haml (>= 4.0, < 6)
      nokogiri (>= 1.6.0)
      ruby_parser (~> 3.5)
    i18n (1.8.2)
      concurrent-ruby (~> 1.0)
    i18n-tasks (0.9.31)
      activesupport (>= 4.0.2)
      ast (>= 2.1.0)
      erubi
      highline (>= 2.0.0)
      i18n
      parser (>= 2.2.3.0)
      rails-i18n
      rainbow (>= 2.2.2, < 4.0)
      terminal-table (>= 1.5.1)
    ice_nine (0.11.2)
    jbuilder (2.10.0)
      activesupport (>= 5.0.0)
    jquery-rails (4.3.5)
      rails-dom-testing (>= 1, < 3)
      railties (>= 4.2.0)
      thor (>= 0.14, < 2.0)
    jquery-ui-rails (6.0.1)
      railties (>= 3.2.16)
    json (2.3.0)
    kwalify (0.7.2)
    launchy (2.4.3)
      addressable (~> 2.3)
    libv8 (7.3.492.27.1)
    listen (3.1.5)
      rb-fsevent (~> 0.9, >= 0.9.4)
      rb-inotify (~> 0.9, >= 0.9.7)
      ruby_dep (~> 1.2)
    loofah (2.5.0)
      crass (~> 1.0.2)
      nokogiri (>= 1.5.9)
    mail (2.7.1)
      mini_mime (>= 0.1.1)
    marcel (0.3.3)
      mimemagic (~> 0.3.2)
    method_source (1.0.0)
    mimemagic (0.3.5)
    mini_magick (4.10.1)
    mini_mime (1.0.2)
    mini_portile2 (2.4.0)
    mini_racer (0.2.10)
      libv8 (> 7.3)
    minitest (5.14.0)
    msgpack (1.3.3)
    newrelic_rpm (6.10.0.364)
    nio4r (2.5.8)
    nokogiri (1.10.9)
      mini_portile2 (~> 2.4.0)
    parallel (1.19.1)
    parser (2.7.1.2)
      ast (~> 2.4.0)
    passenger (6.0.4)
      rack
      rake (>= 0.8.1)
    path_expander (1.1.0)
    popper_js (1.16.0)
    psych (3.1.0)
    public_suffix (4.0.5)
    puma (4.3.9)
      nio4r (~> 2.0)
    rack (2.2.2)
    rack-attack (6.3.0)
      rack (>= 1.0, < 3)
    rack-proxy (0.6.5)
      rack
    rack-test (1.1.0)
      rack (>= 1.0, < 3)
    rails (6.0.3)
      actioncable (= 6.0.3)
      actionmailbox (= 6.0.3)
      actionmailer (= 6.0.3)
      actionpack (= 6.0.3)
      actiontext (= 6.0.3)
      actionview (= 6.0.3)
      activejob (= 6.0.3)
      activemodel (= 6.0.3)
      activerecord (= 6.0.3)
      activestorage (= 6.0.3)
      activesupport (= 6.0.3)
      bundler (>= 1.3.0)
      railties (= 6.0.3)
      sprockets-rails (>= 2.0.0)
    rails-controller-testing (1.0.4)
      actionpack (>= 5.0.1.x)
      actionview (>= 5.0.1.x)
      activesupport (>= 5.0.1.x)
    rails-dom-testing (2.0.3)
      activesupport (>= 4.2.0)
      nokogiri (>= 1.6)
    rails-erd (1.6.0)
      activerecord (>= 4.2)
      activesupport (>= 4.2)
      choice (~> 0.2.0)
      ruby-graphviz (~> 1.2)
    rails-html-sanitizer (1.3.0)
      loofah (~> 2.3)
    rails-i18n (6.0.0)
      i18n (>= 0.7, < 2)
      railties (>= 6.0.0, < 7)
    railties (6.0.3)
      actionpack (= 6.0.3)
      activesupport (= 6.0.3)
      method_source
      rake (>= 0.8.7)
      thor (>= 0.20.3, < 2.0)
    rainbow (3.0.0)
    rake (13.0.1)
    rb-fsevent (0.10.4)
    rb-inotify (0.10.1)
      ffi (~> 1.0)
    redis (4.1.4)
    reek (5.6.0)
      codeclimate-engine-rb (~> 0.4.0)
      kwalify (~> 0.7.0)
      parser (>= 2.5.0.0, < 2.8, != 2.5.1.1)
      psych (~> 3.1.0)
      rainbow (>= 2.0, < 4.0)
    regexp_parser (1.7.0)
    rexml (3.2.4)
    rubocop (0.83.0)
      parallel (~> 1.10)
      parser (>= 2.7.0.1)
      rainbow (>= 2.2.2, < 4.0)
      rexml
      ruby-progressbar (~> 1.7)
      unicode-display_width (>= 1.4.0, < 2.0)
    rubocop-performance (1.5.2)
      rubocop (>= 0.71.0)
    rubocop-rails (2.5.2)
      activesupport
      rack (>= 1.1)
      rubocop (>= 0.72.0)
    ruby-graphviz (1.2.5)
      rexml
    ruby-ole (1.2.12.2)
    ruby-progressbar (1.10.1)
    ruby_dep (1.5.0)
    ruby_parser (3.14.2)
      sexp_processor (~> 4.9)
    rubycritic (4.4.1)
      flay (~> 2.8)
      flog (~> 4.4)
      launchy (= 2.4.3)
      parser (>= 2.6.0)
      rainbow (~> 3.0)
      reek (~> 5.0, < 6.0)
      ruby_parser (~> 3.8)
      simplecov (>= 0.17.0)
      tty-which (~> 0.4.0)
      virtus (~> 1.0)
    rubyzip (2.3.0)
    sassc (2.3.0)
      ffi (~> 1.9)
    sassc-rails (2.1.2)
      railties (>= 4.0.0)
      sassc (>= 2.0)
      sprockets (> 3.0)
      sprockets-rails
      tilt
    selenium-webdriver (3.142.7)
      childprocess (>= 0.5, < 4.0)
      rubyzip (>= 1.2.2)
    semantic_range (2.3.0)
    serviceworker-rails (0.6.0)
      railties (>= 3.1)
    sexp_processor (4.14.1)
    simplecov (0.18.5)
      docile (~> 1.1)
      simplecov-html (~> 0.11)
    simplecov-html (0.12.2)
    spreadsheet (1.2.6)
      ruby-ole (>= 1.0)
    spring (2.1.0)
    spring-watcher-listen (2.0.1)
      listen (>= 2.7, < 4.0)
      spring (>= 1.2, < 3.0)
    sprockets (4.0.0)
      concurrent-ruby (~> 1.0)
      rack (> 1, < 3)
    sprockets-rails (3.2.1)
      actionpack (>= 4.0)
      activesupport (>= 4.0)
      sprockets (>= 3.0.0)
    sqlite3 (1.4.2)
    temple (0.8.2)
    terminal-table (1.8.0)
      unicode-display_width (~> 1.1, >= 1.1.1)
    thor (1.0.1)
    thread_safe (0.3.6)
    tilt (2.0.10)
    traceroute (0.8.1)
      rails (>= 3.0.0)
    tty-which (0.4.2)
    turbolinks (5.2.1)
      turbolinks-source (~> 5.2)
    turbolinks-source (5.2.0)
    tzinfo (1.2.7)
      thread_safe (~> 0.1)
    uglifier (4.2.0)
      execjs (>= 0.3.0, < 3)
    unicode-display_width (1.7.0)
    uniform_notifier (1.13.0)
    virtus (1.0.5)
      axiom-types (~> 0.1)
      coercible (~> 1.0)
      descendants_tracker (~> 0.0, >= 0.0.3)
      equalizer (~> 0.0, >= 0.0.9)
    web-console (4.0.2)
      actionview (>= 6.0.0)
      activemodel (>= 6.0.0)
      bindex (>= 0.4.0)
      railties (>= 6.0.0)
    webdrivers (4.3.0)
      nokogiri (~> 1.6)
      rubyzip (>= 1.3.0)
      selenium-webdriver (>= 3.0, < 4.0)
    webpacker (5.1.1)
      activesupport (>= 5.2)
      rack-proxy (>= 0.6.1)
      railties (>= 5.2)
      semantic_range (>= 2.3.0)
    websocket-driver (0.7.1)
      websocket-extensions (>= 0.1.0)
    websocket-extensions (0.1.4)
    xpath (3.2.0)
      nokogiri (~> 1.8)
    yard (0.9.25)
    yard-activerecord (0.0.16)
      yard (>= 0.8.3)
    zeitwerk (2.3.0)

PLATFORMS
  ruby

DEPENDENCIES
  activestorage-validator
  auto_strip_attributes
  awesome_print
  bootsnap (>= 1.4.2)
  bootstrap
  bootstrap-datepicker-rails
  brakeman
  bullet
  byebug
  capybara (>= 2.15)
  chartkick
  coffee-rails
  coverband
  database_consistency
  friendly_id
  haml-rails
  i18n-tasks
  jbuilder
  jquery-rails (= 4.3.5)
  jquery-ui-rails
  json
  listen (>= 3.0.5, < 3.2)
  mini_magick
  mini_racer
  newrelic_rpm
  passenger
  puma
  rack
  rack-attack
  rails
  rails-controller-testing
  rails-erd
  rails-i18n
  rubocop-performance
  rubocop-rails
  rubycritic
  sassc-rails
  selenium-webdriver
  serviceworker-rails
  simplecov
  spreadsheet
  spring
  spring-watcher-listen (~> 2.0.0)
  sqlite3
  traceroute
  turbolinks
  uglifier
  web-console (>= 3.3.0)
  webdrivers
  webpacker
  yard
  yard-activerecord

RUBY VERSION
   ruby 2.7.1p83

BUNDLED WITH
   2.1.4
